GEM
  remote: https://rubygems.org/
  specs:
    actionmailer (7.2.2.1)
      actionpack (= 7.2.2.1)
      actionview (= 7.2.2.1)
      activejob (= 7.2.2.1)
      activesupport (= 7.2.2.1)
      mail (>= 2.8.0)
      rails-dom-testing (~> 2.2)
    actionpack (7.2.2.1)
      actionview (= 7.2.2.1)
      activesupport (= 7.2.2.1)
      nokogiri (>= 1.8.5)
      racc
      rack (>= 2.2.4, < 3.2)
      rack-session (>= 1.0.1)
      rack-test (>= 0.6.3)
      rails-dom-testing (~> 2.2)
      rails-html-sanitizer (~> 1.6)
      useragent (~> 0.16)
    actionview (7.2.2.1)
      activesupport (= 7.2.2.1)
      builder (~> 3.1)
      erubi (~> 1.11)
      rails-dom-testing (~> 2.2)
      rails-html-sanitizer (~> 1.6)
    actionview_precompiler (0.4.0)
      actionview (>= 6.0.a)
    active_model_serializers (0.8.4)
      activemodel (>= 3.0)
    activejob (7.2.2.1)
      activesupport (= 7.2.2.1)
      globalid (>= 0.3.6)
    activemodel (7.2.2.1)
      activesupport (= 7.2.2.1)
    activerecord (7.2.2.1)
      activemodel (= 7.2.2.1)
      activesupport (= 7.2.2.1)
      timeout (>= 0.4.0)
    activesupport (7.2.2.1)
      base64
      benchmark (>= 0.3)
      bigdecimal
      concurrent-ruby (~> 1.0, >= 1.3.1)
      connection_pool (>= 2.2.5)
      drb
      i18n (>= 1.6, < 2)
      logger (>= 1.4.2)
      minitest (>= 5.1)
      securerandom (>= 0.3)
      tzinfo (~> 2.0, >= 2.0.5)
    addressable (2.8.7)
      public_suffix (>= 2.0.2, < 7.0)
    annotate (3.2.0)
      activerecord (>= 3.2, < 8.0)
      rake (>= 10.4, < 14.0)
    ast (2.4.3)
    aws-eventstream (1.4.0)
    aws-partitions (1.1053.0)
    aws-sdk-core (3.225.0)
      aws-eventstream (~> 1, >= 1.3.0)
      aws-partitions (~> 1, >= 1.992.0)
      aws-sigv4 (~> 1.9)
      base64
      jmespath (~> 1, >= 1.6.1)
      logger
    aws-sdk-kms (1.99.0)
      aws-sdk-core (~> 3, >= 3.216.0)
      aws-sigv4 (~> 1.5)
    aws-sdk-mediaconvert (1.160.0)
      aws-sdk-core (~> 3, >= 3.225.0)
      aws-sigv4 (~> 1.5)
    aws-sdk-s3 (1.182.0)
      aws-sdk-core (~> 3, >= 3.216.0)
      aws-sdk-kms (~> 1)
      aws-sigv4 (~> 1.5)
    aws-sdk-sns (1.96.0)
      aws-sdk-core (~> 3, >= 3.216.0)
      aws-sigv4 (~> 1.5)
    aws-sigv4 (1.11.0)
      aws-eventstream (~> 1, >= 1.0.2)
    base64 (0.3.0)
    benchmark (0.4.1)
    better_errors (2.10.1)
      erubi (>= 1.0.0)
      rack (>= 0.9.0)
      rouge (>= 1.0.0)
    bigdecimal (3.2.1)
    binding_of_caller (1.0.1)
      debug_inspector (>= 1.2.0)
    bootsnap (1.18.6)
      msgpack (~> 1.2)
    builder (3.3.0)
    bullet (8.0.3)
      activesupport (>= 3.0.0)
      uniform_notifier (~> 1.11)
    byebug (12.0.0)
    capybara (3.40.0)
      addressable
      matrix
      mini_mime (>= 0.1.3)
      nokogiri (~> 1.11)
      rack (>= 1.6.0)
      rack-test (>= 0.6.3)
      regexp_parser (>= 1.5, < 3.0)
      xpath (~> 3.2)
    capybara-playwright-driver (0.5.6)
      addressable
      capybara
      playwright-ruby-client (>= 1.16.0)
    cbor (0.5.9.8)
    certified (1.0.0)
    cgi (0.4.2)
    chunky_png (1.4.0)
    coderay (1.1.3)
    colored2 (4.0.3)
    concurrent-ruby (1.3.5)
    connection_pool (2.5.3)
    cose (1.3.1)
      cbor (~> 0.5.9)
      openssl-signature_algorithm (~> 1.0)
    cppjieba_rb (0.4.4)
    crack (1.0.0)
      bigdecimal
      rexml
    crass (1.0.6)
    css_parser (1.21.1)
      addressable
    csv (3.3.5)
    date (3.4.1)
    debug_inspector (1.2.0)
    diff-lcs (1.6.2)
    diffy (3.4.3)
    digest (3.2.0)
    digest-xxhash (0.2.9)
    discourse-emojis (1.0.39)
    discourse-fonts (0.0.19)
    discourse-seed-fu (2.3.12)
      activerecord (>= 3.1)
      activesupport (>= 3.1)
    discourse_dev_assets (0.0.5)
      faker (~> 3.5.1)
      literate_randomizer
    docile (1.4.1)
    drb (2.2.3)
    dry-initializer (3.2.0)
    email_reply_trimmer (0.2.0)
    erb (5.0.1)
    erubi (1.13.1)
    excon (1.2.5)
      logger
    execjs (2.10.0)
    exifr (1.4.1)
    extralite-bundle (2.12)
    fabrication (3.0.0)
    faker (3.5.1)
      i18n (>= 1.8.11, < 2)
    fakeweb (1.3.0)
    faraday (2.13.1)
      faraday-net_http (>= 2.0, < 3.5)
      json
      logger
    faraday-net_http (3.4.0)
      net-http (>= 0.5.0)
    faraday-retry (2.3.1)
      faraday (~> 2.0)
    fast_blank (1.0.1)
    fastimage (2.3.1)
    ffi (1.17.2-aarch64-linux-gnu)
    ffi (1.17.2-aarch64-linux-musl)
    ffi (1.17.2-arm-linux-gnu)
    ffi (1.17.2-arm-linux-musl)
    ffi (1.17.2-arm64-darwin)
    ffi (1.17.2-x86_64-darwin)
    ffi (1.17.2-x86_64-linux-gnu)
    ffi (1.17.2-x86_64-linux-musl)
    fspath (3.1.2)
    globalid (1.2.1)
      activesupport (>= 6.1)
    google-protobuf (4.31.1)
      bigdecimal
      rake (>= 13)
    google-protobuf (4.31.1-aarch64-linux-gnu)
      bigdecimal
      rake (>= 13)
    google-protobuf (4.31.1-aarch64-linux-musl)
      bigdecimal
      rake (>= 13)
    google-protobuf (4.31.1-arm64-darwin)
      bigdecimal
      rake (>= 13)
    google-protobuf (4.31.1-x86_64-darwin)
      bigdecimal
      rake (>= 13)
    google-protobuf (4.31.1-x86_64-linux-gnu)
      bigdecimal
      rake (>= 13)
    google-protobuf (4.31.1-x86_64-linux-musl)
      bigdecimal
      rake (>= 13)
    guess_html_encoding (0.0.11)
    hana (1.3.7)
    hashdiff (1.2.0)
    hashie (5.0.0)
    highline (3.1.2)
      reline
    htmlentities (4.3.4)
    http_accept_language (2.1.1)
    i18n (1.14.7)
      concurrent-ruby (~> 1.0)
    image_optim (0.31.4)
      exifr (~> 1.2, >= 1.2.2)
      fspath (~> 3.0)
      image_size (>= 1.5, < 4)
      in_threads (~> 1.3)
      progress (~> 3.0, >= 3.0.1)
    image_size (3.4.0)
    in_threads (1.6.0)
    io-console (0.8.0)
    irb (1.15.2)
      pp (>= 0.6.0)
      rdoc (>= 4.0.0)
      reline (>= 0.4.2)
    iso8601 (0.13.0)
    jmespath (1.6.2)
    json (2.12.2)
    json-schema (5.1.1)
      addressable (~> 2.8)
      bigdecimal (~> 3.1)
    json_schemer (2.4.0)
      bigdecimal
      hana (~> 1.3)
      regexp_parser (~> 2.0)
      simpleidn (~> 0.2)
    jwt (2.10.1)
      base64
    kgio (2.11.4)
    language_server-protocol (3.17.0.5)
    libv8-node (23.6.1.0)
    libv8-node (23.6.1.0-aarch64-linux)
    libv8-node (23.6.1.0-arm64-darwin)
    libv8-node (23.6.1.0-x86_64-darwin)
    libv8-node (23.6.1.0-x86_64-linux)
    libv8-node (23.6.1.0-x86_64-linux-musl)
    lint_roller (1.1.0)
    listen (3.9.0)
      rb-fsevent (~> 0.10, >= 0.10.3)
      rb-inotify (~> 0.9, >= 0.9.10)
    literate_randomizer (0.4.0)
    logger (1.7.0)
    lograge (0.14.0)
      actionpack (>= 4)
      activesupport (>= 4)
      railties (>= 4)
      request_store (~> 1.0)
    logstash-event (1.2.02)
    logster (2.20.1)
    loofah (2.24.1)
      crass (~> 1.0.2)
      nokogiri (>= 1.12.0)
    lru_redux (1.1.0)
    lz4-ruby (0.3.3)
    mail (2.8.1)
      mini_mime (>= 0.1.1)
      net-imap
      net-pop
      net-smtp
    matrix (0.4.2)
    maxminddb (0.1.22)
    memory_profiler (1.1.0)
    message_bus (4.4.1)
      rack (>= 1.1.3)
    messageformat-wrapper (1.1.0)
      mini_racer (>= 0.6.3)
    method_source (1.1.0)
    mime-types (3.7.0)
      logger
      mime-types-data (~> 3.2025, >= 3.2025.0507)
    mime-types-data (3.2025.0527)
    mini_mime (1.1.5)
    mini_racer (0.18.1)
      libv8-node (~> 23.6.1.0)
    mini_scheduler (0.18.0)
      sidekiq (>= 6.5, < 8.0)
    mini_sql (1.6.0)
    mini_suffix (0.3.3)
      ffi (~> 1.9)
    minio_runner (1.0.0)
    minitest (5.25.5)
    mocha (2.7.1)
      ruby2_keywords (>= 0.0.5)
    msgpack (1.8.0)
    multi_json (1.15.0)
    multi_xml (0.7.2)
      bigdecimal (~> 3.1)
    mustache (1.1.1)
    net-http (0.6.0)
      uri
    net-imap (0.5.8)
      date
      net-protocol
    net-pop (0.1.2)
      net-protocol
    net-protocol (0.2.2)
      timeout
    net-smtp (0.5.1)
      net-protocol
    nio4r (2.7.4)
    nokogiri (1.18.8-aarch64-linux-gnu)
      racc (~> 1.4)
    nokogiri (1.18.8-aarch64-linux-musl)
      racc (~> 1.4)
    nokogiri (1.18.8-arm-linux-gnu)
      racc (~> 1.4)
    nokogiri (1.18.8-arm-linux-musl)
      racc (~> 1.4)
    nokogiri (1.18.8-arm64-darwin)
      racc (~> 1.4)
    nokogiri (1.18.8-x86_64-darwin)
      racc (~> 1.4)
    nokogiri (1.18.8-x86_64-linux-gnu)
      racc (~> 1.4)
    nokogiri (1.18.8-x86_64-linux-musl)
      racc (~> 1.4)
    oauth (1.1.0)
      oauth-tty (~> 1.0, >= 1.0.1)
      snaky_hash (~> 2.0)
      version_gem (~> 1.1)
    oauth-tty (1.0.5)
      version_gem (~> 1.1, >= 1.1.1)
    oauth2 (1.4.11)
      faraday (>= 0.17.3, < 3.0)
      jwt (>= 1.0, < 3.0)
      multi_json (~> 1.3)
      multi_xml (~> 0.5)
      rack (>= 1.2, < 4)
    oj (3.16.11)
      bigdecimal (>= 3.0)
      ostruct (>= 0.2)
    omniauth (2.1.2)
      hashie (>= 3.4.6)
      rack (>= 2.2.3)
      rack-protection
    omniauth-facebook (9.0.0)
      omniauth-oauth2 (~> 1.2)
    omniauth-github (2.0.0)
      omniauth (~> 2.0)
      omniauth-oauth2 (~> 1.7.1)
    omniauth-google-oauth2 (1.0.1)
      jwt (>= 2.0)
      oauth2 (~> 1.1)
      omniauth (~> 2.0)
      omniauth-oauth2 (~> 1.7.1)
    omniauth-oauth (1.2.1)
      oauth
      omniauth (>= 1.0, < 3)
      rack (>= 1.6.2, < 4)
    omniauth-oauth2 (1.7.3)
      oauth2 (>= 1.4, < 3)
      omniauth (>= 1.9, < 3)
    omniauth-twitter (1.4.0)
      omniauth-oauth (~> 1.1)
      rack
    openssl (3.3.0)
    openssl-signature_algorithm (1.3.0)
      openssl (> 2.0)
    optimist (3.2.1)
    ostruct (0.6.1)
    parallel (1.27.0)
    parallel_tests (5.3.0)
      parallel
    parser (3.3.8.0)
      ast (~> 2.4.1)
      racc
    pg (1.5.9)
    playwright-ruby-client (1.52.0)
      concurrent-ruby (>= 1.1.6)
      mime-types (>= 3.0)
    pp (0.6.2)
      prettyprint
    prettier_print (1.2.1)
    prettyprint (0.2.0)
    prism (1.4.0)
    progress (3.6.0)
    propshaft (1.1.0)
      actionpack (>= 7.0.0)
      activesupport (>= 7.0.0)
      rack
      railties (>= 7.0.0)
    pry (0.15.2)
      coderay (~> 1.1)
      method_source (~> 1.0)
    pry-byebug (3.11.0)
      byebug (~> 12.0)
      pry (>= 0.13, < 0.16)
    pry-rails (0.3.11)
      pry (>= 0.13.0)
    pry-stack_explorer (0.6.1)
      binding_of_caller (~> 1.0)
      pry (~> 0.13)
    psych (5.2.6)
      date
      stringio
    public_suffix (6.0.2)
    puma (6.6.0)
      nio4r (~> 2.0)
    racc (1.8.1)
    rack (2.2.13)
    rack-mini-profiler (3.3.1)
      rack (>= 1.2.0)
    rack-protection (3.2.0)
      base64 (>= 0.1.0)
      rack (~> 2.2, >= 2.2.4)
    rack-session (1.0.2)
      rack (< 3)
    rack-test (2.2.0)
      rack (>= 1.3)
    rackup (1.0.1)
      rack (< 3)
      webrick
    rails-dom-testing (2.3.0)
      activesupport (>= 5.0.0)
      minitest
      nokogiri (>= 1.6)
    rails-html-sanitizer (1.6.2)
      loofah (~> 2.21)
      nokogiri (>= 1.15.7, != 1.16.7, != 1.16.6, != 1.16.5, != 1.16.4, != 1.16.3, != 1.16.2, != 1.16.1, != 1.16.0.rc1, != 1.16.0)
    rails_failover (2.2.0)
      activerecord (>= 6.1, < 8.0)
      concurrent-ruby
      railties (>= 6.1, < 8.0)
    rails_multisite (6.1.0)
      activerecord (>= 6.0)
      railties (>= 6.0)
    railties (7.2.2.1)
      actionpack (= 7.2.2.1)
      activesupport (= 7.2.2.1)
      irb (~> 1.13)
      rackup (>= 1.0.0)
      rake (>= 12.2)
      thor (~> 1.0, >= 1.2.2)
      zeitwerk (~> 2.6)
    rainbow (3.1.1)
    raindrops (0.20.1)
    rake (13.3.0)
    rb-fsevent (0.11.2)
    rb-inotify (0.11.1)
      ffi (~> 1.0)
    rbtrace (0.5.1)
      ffi (>= 1.0.6)
      msgpack (>= 0.4.3)
      optimist (>= 3.0.0)
    rchardet (1.9.0)
    rdoc (6.14.0)
      erb
      psych (>= 4.0.0)
    redcarpet (3.6.1)
    redis (5.4.0)
      redis-client (>= 0.22.0)
    redis-client (0.24.0)
      connection_pool
    redis-namespace (1.11.0)
      redis (>= 4)
    regexp_parser (2.10.0)
    reline (0.6.1)
      io-console (~> 0.5)
    request_store (1.7.0)
      rack (>= 1.4)
    rexml (3.4.1)
    rinku (2.0.6)
    rotp (6.3.0)
    rouge (4.5.2)
    rqrcode (3.1.0)
      chunky_png (~> 1.0)
      rqrcode_core (~> 2.0)
    rqrcode_core (2.0.0)
    rrule (0.6.0)
      activesupport (>= 2.3)
    rspec (3.13.1)
      rspec-core (~> 3.13.0)
      rspec-expectations (~> 3.13.0)
      rspec-mocks (~> 3.13.0)
    rspec-core (3.13.4)
      rspec-support (~> 3.13.0)
    rspec-expectations (3.13.5)
      diff-lcs (>= 1.2.0, < 2.0)
      rspec-support (~> 3.13.0)
    rspec-html-matchers (0.10.0)
      nokogiri (~> 1)
      rspec (>= 3.0.0.a)
    rspec-mocks (3.13.5)
      diff-lcs (>= 1.2.0, < 2.0)
      rspec-support (~> 3.13.0)
    rspec-multi-mock (0.3.1)
      rspec (>= 3.7.0)
    rspec-rails (8.0.0)
      actionpack (>= 7.2)
      activesupport (>= 7.2)
      railties (>= 7.2)
      rspec-core (~> 3.13)
      rspec-expectations (~> 3.13)
      rspec-mocks (~> 3.13)
      rspec-support (~> 3.13)
    rspec-support (3.13.4)
    rss (0.3.1)
      rexml
    rswag-specs (2.16.0)
      activesupport (>= 5.2, < 8.1)
      json-schema (>= 2.2, < 6.0)
      railties (>= 5.2, < 8.1)
      rspec-core (>= 2.14)
    rtlcss (0.2.1)
      mini_racer (>= 0.6.3)
    rubocop (1.75.8)
      json (~> 2.3)
      language_server-protocol (~> 3.17.0.2)
      lint_roller (~> 1.1.0)
      parallel (~> 1.10)
      parser (>= 3.3.0.2)
      rainbow (>= 2.2.2, < 4.0)
      regexp_parser (>= 2.9.3, < 3.0)
      rubocop-ast (>= 1.44.0, < 2.0)
      ruby-progressbar (~> 1.7)
      unicode-display_width (>= 2.4.0, < 4.0)
    rubocop-ast (1.44.1)
      parser (>= 3.3.7.2)
      prism (~> 1.4)
    rubocop-capybara (2.22.1)
      lint_roller (~> 1.1)
      rubocop (~> 1.72, >= 1.72.1)
    rubocop-discourse (3.12.1)
      activesupport (>= 6.1)
      lint_roller (>= 1.1.0)
      rubocop (>= 1.73.2)
      rubocop-capybara (>= 2.22.0)
      rubocop-factory_bot (>= 2.27.0)
      rubocop-rails (>= 2.30.3)
      rubocop-rspec (>= 3.0.1)
      rubocop-rspec_rails (>= 2.31.0)
    rubocop-factory_bot (2.27.1)
      lint_roller (~> 1.1)
      rubocop (~> 1.72, >= 1.72.1)
    rubocop-rails (2.32.0)
      activesupport (>= 4.2.0)
      lint_roller (~> 1.1)
      rack (>= 1.1)
      rubocop (>= 1.75.0, < 2.0)
      rubocop-ast (>= 1.44.0, < 2.0)
    rubocop-rspec (3.6.0)
      lint_roller (~> 1.1)
      rubocop (~> 1.72, >= 1.72.1)
    rubocop-rspec_rails (2.31.0)
      lint_roller (~> 1.1)
      rubocop (~> 1.72, >= 1.72.1)
      rubocop-rspec (~> 3.5)
    ruby-prof (1.7.2)
      base64
    ruby-progressbar (1.13.0)
    ruby-readability (0.7.2)
      guess_html_encoding (>= 0.0.4)
      nokogiri (>= 1.6.0)
    ruby2_keywords (0.0.5)
    rubyzip (2.4.1)
    sanitize (7.0.0)
      crass (~> 1.0.2)
      nokogiri (>= 1.16.8)
    sass-embedded (1.85.0-aarch64-linux-gnu)
      google-protobuf (~> 4.29)
    sass-embedded (1.85.0-aarch64-linux-musl)
      google-protobuf (~> 4.29)
    sass-embedded (1.85.0-arm-linux-gnueabihf)
      google-protobuf (~> 4.29)
    sass-embedded (1.85.0-arm-linux-musleabihf)
      google-protobuf (~> 4.29)
    sass-embedded (1.85.0-arm64-darwin)
      google-protobuf (~> 4.29)
    sass-embedded (1.85.0-x86_64-darwin)
      google-protobuf (~> 4.29)
    sass-embedded (1.85.0-x86_64-linux-gnu)
      google-protobuf (~> 4.29)
    sass-embedded (1.85.0-x86_64-linux-musl)
      google-protobuf (~> 4.29)
    sassc-embedded (1.80.2)
      sass-embedded (~> 1.80)
    securerandom (0.4.1)
    shoulda-matchers (6.5.0)
      activesupport (>= 5.2.0)
    sidekiq (7.3.9)
      base64
      connection_pool (>= 2.3.0)
      logger
      rack (>= 2.2.4)
      redis-client (>= 0.22.2)
    simplecov (0.22.0)
      docile (~> 1.1)
      simplecov-html (~> 0.11)
      simplecov_json_formatter (~> 0.1)
    simplecov-html (0.13.1)
    simplecov_json_formatter (0.1.4)
    simpleidn (0.2.3)
    snaky_hash (2.0.3)
      hashie (>= 0.1.0, < 6)
      version_gem (>= 1.1.8, < 3)
    sqlite3 (2.6.0-aarch64-linux-gnu)
    sqlite3 (2.6.0-aarch64-linux-musl)
    sqlite3 (2.6.0-arm-linux-gnu)
    sqlite3 (2.6.0-arm-linux-musl)
    sqlite3 (2.6.0-arm64-darwin)
    sqlite3 (2.6.0-x86_64-darwin)
    sqlite3 (2.6.0-x86_64-linux-gnu)
    sqlite3 (2.6.0-x86_64-linux-musl)
    sshkey (3.0.0)
    stackprof (0.2.27)
    stringio (3.1.7)
    syntax_tree (6.2.0)
      prettier_print (>= 1.2.0)
    test-prof (1.4.4)
    thor (1.3.2)
    timeout (0.4.3)
    trilogy (2.9.0)
    tzinfo (2.0.6)
      concurrent-ruby (~> 1.0)
    tzinfo-data (1.2025.2)
      tzinfo (>= 1.0.0)
    unf (0.2.0)
    unicode-display_width (3.1.4)
      unicode-emoji (~> 4.0, >= 4.0.4)
    unicode-emoji (4.0.4)
    unicorn (6.1.0)
      kgio (~> 2.6)
      raindrops (~> 0.7)
    uniform_notifier (1.17.0)
    uri (1.0.3)
    useragent (0.16.11)
    version_gem (1.1.8)
    web-push (3.0.1)
      jwt (~> 2.0)
      openssl (~> 3.0)
    webmock (3.25.1)
      addressable (>= 2.8.0)
      crack (>= 0.3.2)
      hashdiff (>= 0.4.0, < 2.0.0)
    webrick (1.9.1)
    xpath (3.2.0)
      nokogiri (~> 1.8)
    yaml-lint (0.1.2)
    yard (0.9.37)
    zeitwerk (2.7.3)

PLATFORMS
  aarch64-linux
  aarch64-linux-gnu
  aarch64-linux-musl
  arm-linux-gnu
  arm-linux-gnueabihf
  arm-linux-musl
  arm-linux-musleabihf
  arm64-darwin
  x86_64-darwin
  x86_64-linux-gnu
  x86_64-linux-musl

DEPENDENCIES
  actionmailer (~> 7.2.0)
  actionpack (~> 7.2.0)
  actionview (~> 7.2.0)
  actionview_precompiler
  active_model_serializers (~> 0.8.3)
  activemodel (~> 7.2.0)
  activerecord (~> 7.2.0)
  activesupport (~> 7.2.0)
  addressable
  annotate
  aws-sdk-mediaconvert
  aws-sdk-s3
  aws-sdk-sns
  better_errors
  binding_of_caller
  bootsnap
  bullet (<= 8.0.3)
  byebug
  capybara
  capybara-playwright-driver
  cbor
  certified
  cgi (>= 0.3.6)
  colored2
  cose
  cppjieba_rb
  css_parser
  csv
  diffy
  digest
  digest-xxhash
  discourse-emojis
  discourse-fonts
  discourse-seed-fu
  discourse_dev_assets
  dry-initializer (~> 3.1)
  email_reply_trimmer
  excon
  execjs
  extralite-bundle
  fabrication
  faker
  fakeweb
  faraday
  faraday-retry
  fast_blank
  fastimage
  highline
  htmlentities
  http_accept_language
  image_optim
  iso8601
  json
  json_schemer
  listen
  lograge
  logstash-event
  logster
  loofah
  lru_redux
  lz4-ruby
  mail
  maxminddb
  memory_profiler
  message_bus
  messageformat-wrapper
  mini_mime
  mini_racer
  mini_scheduler
  mini_sql
  mini_suffix
  minio_runner
  mocha
  multi_json
  mustache
  net-http
  net-imap
  net-pop
  net-smtp
  nokogiri
  oj
  omniauth
  omniauth-facebook
  omniauth-github
  omniauth-google-oauth2
  omniauth-oauth2
  omniauth-twitter
  parallel
  parallel_tests
  pg
  propshaft
  pry-byebug
  pry-rails
  pry-stack_explorer
  puma
  rack
  rack-mini-profiler
  rack-protection
  rails-dom-testing
  rails_failover
  rails_multisite
  railties (~> 7.2.0)
  rake
  rb-fsevent
  rbtrace
  rchardet
  redcarpet
  redis
  redis-namespace
  rinku
  rotp
  rqrcode
  rrule
  rspec
  rspec-html-matchers
  rspec-multi-mock
  rspec-rails
  rss
  rswag-specs
  rtlcss
  rubocop-discourse
  ruby-prof
  ruby-progressbar
  ruby-readability
  rubyzip
  sanitize
  sassc-embedded
  shoulda-matchers
  sidekiq
  simplecov
  sqlite3
  sshkey
  stackprof
  syntax_tree
  test-prof
  thor
  trilogy
  tzinfo-data
  unf
  unicorn
  web-push
  webmock
  yaml-lint
  yard
  zeitwerk

CHECKSUMS
  actionmailer (7.2.2.1) sha256=b02ae523c32c8ad762d4db941e76f3c108c106030132247ee7a7b8c86bc7b21f
  actionpack (7.2.2.1) sha256=17b2160a7bcbd5a569d06b1ae54a4bb5ccc7ba0815d73ff5768100a79dc1f734
  actionview (7.2.2.1) sha256=69fc880cf3d8b1baf21b048cf7bb68f1eef08760ff8104d7d60a6a1be8b359a5
  actionview_precompiler (0.4.0) sha256=33b6bd6ec4c1b856e02fdf5f6512c9eb4a92ac1c0545e941b3e354b7d540ed1c
  active_model_serializers (0.8.4) sha256=7350e3d3b6a5946bbec033241d908013cc85ff4d584230e6aa074225547c754c
  activejob (7.2.2.1) sha256=f2f95a8573b394aa4f7c24843f0c4a6065c073a5c64d6f15ecd98d98c2c23e5b
  activemodel (7.2.2.1) sha256=8398861f9ee2c4671a8357ab39e9b38a045fd656f6685a3dd5890c2419dbfdaf
  activerecord (7.2.2.1) sha256=79a31f71c32d5138717c2104e0ff105f5d82922247c85bdca144f2720e67fab9
  activesupport (7.2.2.1) sha256=842bcbf8a92977f80fb4750661a237cf5dd4fdd442066b3c35e88afb488647f5
  addressable (2.8.7) sha256=462986537cf3735ab5f3c0f557f14155d778f4b43ea4f485a9deb9c8f7c58232
  annotate (3.2.0) sha256=9a61baa1fb13880aa3a8d9f62553889bb2a3b7970f88bbc66d3ac75a567780d3
  ast (2.4.3) sha256=954615157c1d6a382bc27d690d973195e79db7f55e9765ac7c481c60bdb4d383
  aws-eventstream (1.4.0) sha256=116bf85c436200d1060811e6f5d2d40c88f65448f2125bc77ffce5121e6e183b
  aws-partitions (1.1053.0) sha256=6f06634f719c745929d671909919e608d2b3c9072df85f6c074823f4a79d11ca
  aws-sdk-core (3.225.0) sha256=7c4ad88b489835ab17b342a621e820ca5759eab04b68a32213d00b9594524ecd
  aws-sdk-kms (1.99.0) sha256=ba292fc3ffd672532aae2601fe55ff424eee78da8e23c23ba6ce4037138275a8
  aws-sdk-mediaconvert (1.160.0) sha256=48bded7432312a4a3bcb82c03d562a847db9e743edf751e998eee2eca38f402c
  aws-sdk-s3 (1.182.0) sha256=d0fc3579395cb6cb69bf6e975240ce031fc673190e74c8dddbdd6c18572b450d
  aws-sdk-sns (1.96.0) sha256=f92b3c7203c53181b1cafb3dbbea85f330002ad696175bda829cfef359fa6dd4
  aws-sigv4 (1.11.0) sha256=50a8796991a862324442036ad7a395920572b84bb6cd29b945e5e1800e8da1db
  base64 (0.3.0) sha256=27337aeabad6ffae05c265c450490628ef3ebd4b67be58257393227588f5a97b
  benchmark (0.4.1) sha256=d4ef40037bba27f03b28013e219b950b82bace296549ec15a78016552f8d2cce
  better_errors (2.10.1) sha256=f798f1bac93f3e775925b7fcb24cffbcf0bb62ee2210f5350f161a6b75fc0a73
  bigdecimal (3.2.1) sha256=1f68631e876c6aba8fe9b84b36983c55ad3293ff2d1ad4c6f115bde1e9d802e3
  binding_of_caller (1.0.1) sha256=2b2902abff4246ddcfbc4da9b69bc4a019e22aeb300c2ff6289a173d4b90b29a
  bootsnap (1.18.6) sha256=0ae2393c1e911e38be0f24e9173e7be570c3650128251bf06240046f84a07d00
  builder (3.3.0) sha256=497918d2f9dca528fdca4b88d84e4ef4387256d984b8154e9d5d3fe5a9c8835f
  bullet (8.0.3) sha256=60e41446500a7e59272b3c2398cded214deec3662e883009de5bf30028a0642c
  byebug (12.0.0) sha256=d4a150d291cca40b66ec9ca31f754e93fed8aa266a17335f71bb0afa7fca1a1e
  capybara (3.40.0) sha256=42dba720578ea1ca65fd7a41d163dd368502c191804558f6e0f71b391054aeef
  capybara-playwright-driver (0.5.6) sha256=ef461ab97f9fca7df4ecdd10bb1b076d9246f804e89fc3ae127cf1677d855e26
  cbor (0.5.9.8) sha256=9ee097fc58d9bc5e406d112cd2d4e112c7354ec16f8b6ff34e4732c1e44b4eb7
  certified (1.0.0) sha256=aa4cdf0e90e7ee96f6e0ce3daae39eaa8f0486124e0d92daf64d2105aeb9069c
  cgi (0.4.2) sha256=a3cb190d46a820ca01a3e28bd5b64e67003ff99d7884b70512448566f35347e6
  chunky_png (1.4.0) sha256=89d5b31b55c0cf4da3cf89a2b4ebc3178d8abe8cbaf116a1dba95668502fdcfe
  coderay (1.1.3) sha256=dc530018a4684512f8f38143cd2a096c9f02a1fc2459edcfe534787a7fc77d4b
  colored2 (4.0.3) sha256=63e1038183976287efc43034f5cca17fb180b4deef207da8ba78d051cbce2b37
  concurrent-ruby (1.3.5) sha256=813b3e37aca6df2a21a3b9f1d497f8cbab24a2b94cab325bffe65ee0f6cbebc6
  connection_pool (2.5.3) sha256=cfd74a82b9b094d1ce30c4f1a346da23ee19dc8a062a16a85f58eab1ced4305b
  cose (1.3.1) sha256=d5d4dbcd6b035d513edc4e1ab9bc10e9ce13b4011c96e3d1b8fe5e6413fd6de5
  cppjieba_rb (0.4.4) sha256=319a7ab57b6ec28a8d1b223487ecd114432f1930d7740db2f99c1991e6c8faaf
  crack (1.0.0) sha256=c83aefdb428cdc7b66c7f287e488c796f055c0839e6e545fec2c7047743c4a49
  crass (1.0.6) sha256=dc516022a56e7b3b156099abc81b6d2b08ea1ed12676ac7a5657617f012bd45d
  css_parser (1.21.1) sha256=6cfd3ffc0a97333b39d2b1b49c95397b05e0e3b684d68f77ec471ba4ec2ef7c7
  csv (3.3.5) sha256=6e5134ac3383ef728b7f02725d9872934f523cb40b961479f69cf3afa6c8e73f
  date (3.4.1) sha256=bf268e14ef7158009bfeaec40b5fa3c7271906e88b196d958a89d4b408abe64f
  debug_inspector (1.2.0) sha256=9bdfa02eebc3da163833e6a89b154084232f5766087e59573b70521c77ea68a2
  diff-lcs (1.6.2) sha256=9ae0d2cba7d4df3075fe8cd8602a8604993efc0dfa934cff568969efb1909962
  diffy (3.4.3) sha256=4264b9e7db00d1cd426fcd32e36565779163cedc2340a95b0e6f025e71f9aaa7
  digest (3.2.0) sha256=fa2e7092ec683f65d82fadde5ff4ca3b32e23ee0b19f1fc1a5e09993ad2d3991
  digest-xxhash (0.2.9) sha256=a989d8309c03c4136a4bea9981ec0a146a2750de7f3dfb7b5624a3038aa598d7
  discourse-emojis (1.0.39) sha256=7c7ce56b7a97f7ca2b9b26ffb2c2bb6454d2bfbb45dd3b68d91dd1e90b8e9c04
  discourse-fonts (0.0.19) sha256=78d4ddd671615908303a675427039d8d787c935e6deae184c6e143c18c6e0033
  discourse-seed-fu (2.3.12) sha256=4f61d95c11ed54609046cd04eb3a51b531c5fa863fa86d1bea7d74264e5c75e4
  discourse_dev_assets (0.0.5) sha256=a09a801a210aa3f7247dd382dfd73b389d4bd02be86be675eca2d451f9898285
  docile (1.4.1) sha256=96159be799bfa73cdb721b840e9802126e4e03dfc26863db73647204c727f21e
  drb (2.2.3) sha256=0b00d6fdb50995fe4a45dea13663493c841112e4068656854646f418fda13373
  dry-initializer (3.2.0) sha256=37d59798f912dc0a1efe14a4db4a9306989007b302dcd5f25d0a2a20c166c4e3
  email_reply_trimmer (0.2.0) sha256=05843fa5ee1a2037235f1f3c876e922f613e2b4406fea5bb14212d1708d6c525
  erb (5.0.1) sha256=760439803b36cc93eca8a266aab614614e588024a89bc30a62e78d98ff452c23
  erubi (1.13.1) sha256=a082103b0885dbc5ecf1172fede897f9ebdb745a4b97a5e8dc63953db1ee4ad9
  excon (1.2.5) sha256=ca040bb61bc0059968f34a17115a00d2db8562e3c0c5c5c7432072b551c85a9d
  execjs (2.10.0) sha256=6bcb8be8f0052ff9d370b65d1c080f2406656e150452a0abdb185a133048450d
  exifr (1.4.1) sha256=768374cc6b6ff3743acba57c1c35229bdd8c6b9fbc1285952047fc1215c4b894
  extralite-bundle (2.12) sha256=9c9912b7ab592e7064089ee608cf86ab9edd81d20065acb87d1f4fed06052987
  fabrication (3.0.0) sha256=a6a0bfad9071348ad3cb1701df788524b888c0cdd044b988893e7509f7463be3
  faker (3.5.1) sha256=1ad1fbea279d882f486059c23fe3ddb816ccd1d7052c05a45014b4450d859bfc
  fakeweb (1.3.0) sha256=1ec996be13020a00b3464560c09180b424477c698f59f82edf2b99b16cfa09a8
  faraday (2.13.1) sha256=cc531eb5467e7d74d4517630fa96f1a7003647cbf20a9a3e067d098941217b75
  faraday-net_http (3.4.0) sha256=a1f1e4cd6a2cf21599c8221595e27582d9936819977bbd4089a601f24c64e54a
  faraday-retry (2.3.1) sha256=4004faa21f41fc5360d359bc79889fc58fb7fae0ce93bfb737a784ac76805c03
  fast_blank (1.0.1) sha256=269fc30414fed4e6403bc4a49081e1ea539f8b9226e59276ed1efaefabaa17ea
  fastimage (2.3.1) sha256=23c629f1f3e7d61bcfcc06c25b3d2418bc6bf41d2e615dbf5132c0e3b63ecce9
  ffi (1.17.2-aarch64-linux-gnu) sha256=c910bd3cae70b76690418cce4572b7f6c208d271f323d692a067d59116211a1a
  ffi (1.17.2-aarch64-linux-musl) sha256=69e6556b091d45df83e6c3b19d3c54177c206910965155a6ec98de5e893c7b7c
  ffi (1.17.2-arm-linux-gnu) sha256=d4a438f2b40224ae42ec72f293b3ebe0ba2159f7d1bd47f8417e6af2f68dbaa5
  ffi (1.17.2-arm-linux-musl) sha256=977dfb7f3a6381206dbda9bc441d9e1f9366bf189a634559c3b7c182c497aaa3
  ffi (1.17.2-arm64-darwin) sha256=54dd9789be1d30157782b8de42d8f887a3c3c345293b57ffb6b45b4d1165f813
  ffi (1.17.2-x86_64-darwin) sha256=981f2d4e32ea03712beb26e55e972797c2c5a7b0257955d8667ba58f2da6440e
  ffi (1.17.2-x86_64-linux-gnu) sha256=05d2026fc9dbb7cfd21a5934559f16293815b7ce0314846fee2ac8efbdb823ea
  ffi (1.17.2-x86_64-linux-musl) sha256=97c0eb3981414309285a64dc4d466bd149e981c279a56371ef811395d68cb95c
  fspath (3.1.2) sha256=b5ac9bafb97e2c8f8f9e303cd98ebd484be76fe9aa588bc4d01c6d99e78c9d75
  globalid (1.2.1) sha256=70bf76711871f843dbba72beb8613229a49429d1866828476f9c9d6ccc327ce9
  google-protobuf (4.31.1) sha256=022bc82931a0860a7f2ace41bd48e904c8e65032c1d5eefc33294b5edf9741f8
  google-protobuf (4.31.1-aarch64-linux-gnu) sha256=d5b8268b2e07776b15a73ed96ca416eab771821b162b239dbdbfb2c85e2d17e5
  google-protobuf (4.31.1-aarch64-linux-musl) sha256=fcd5b79ac4048e89e44c4c64fb432fa6400ec3c2f0344a7effa95fbc6895d24a
  google-protobuf (4.31.1-arm64-darwin) sha256=177ca61d254e4516d42997aa9d3127fd5e04ffc60c4ad333b1515ded6d7af89d
  google-protobuf (4.31.1-x86_64-darwin) sha256=bdf067d1456167275ca7ce269922a99d24fcb9071d86429289cd73f0cf536ae4
  google-protobuf (4.31.1-x86_64-linux-gnu) sha256=7def6dbf996dab289dd541a3ee8b201e2c3e35911c274325ad9b483ebffb6dcd
  google-protobuf (4.31.1-x86_64-linux-musl) sha256=7d99d7728d9d7a6fda36130acac2a9947b868e28fe3f4aec4131cebce0d420f9
  guess_html_encoding (0.0.11) sha256=cab6468b945f38673fc41ad147fbbc89693b3c6c34b03b071e2ed669a603e098
  hana (1.3.7) sha256=5425db42d651fea08859811c29d20446f16af196308162894db208cac5ce9b0d
  hashdiff (1.2.0) sha256=c984f13e115bfc9953332e8e83bd9d769cfde9944e2d54e07eb9df7b76e140b5
  hashie (5.0.0) sha256=9d6c4e51f2a36d4616cbc8a322d619a162d8f42815a792596039fc95595603da
  highline (3.1.2) sha256=67cbd34d19f6ef11a7ee1d82ffab5d36dfd5b3be861f450fc1716c7125f4bb4a
  htmlentities (4.3.4) sha256=125a73c6c9f2d1b62100b7c3c401e3624441b663762afa7fe428476435a673da
  http_accept_language (2.1.1) sha256=0043f0d55a148cf45b604dbdd197cb36437133e990016c68c892d49dbea31634
  i18n (1.14.7) sha256=ceba573f8138ff2c0915427f1fc5bdf4aa3ab8ae88c8ce255eb3ecf0a11a5d0f
  image_optim (0.31.4) sha256=5bffd0891268e8d189d46ee4b8599918581bba1032d244e6ace4779a434776c0
  image_size (3.4.0) sha256=c6a580513fe74947e25e5d3f0aea1e33add6c20f7d0007efa65504317b7f029a
  in_threads (1.6.0) sha256=91a7e6138d279dc632f59b8a9a409e47148948e297c0f69c92f9a2479a182149
  io-console (0.8.0) sha256=cd6a9facbc69871d69b2cb8b926fc6ea7ef06f06e505e81a64f14a470fddefa2
  irb (1.15.2) sha256=222f32952e278da34b58ffe45e8634bf4afc2dc7aa9da23fed67e581aa50fdba
  iso8601 (0.13.0) sha256=298c2b15b7be5fa95a1372813d36a2257656cd8e906dfbc1f5cb409851425aa2
  jmespath (1.6.2) sha256=238d774a58723d6c090494c8879b5e9918c19485f7e840f2c1c7532cf84ebcb1
  json (2.12.2) sha256=ba94a48ad265605c8fa9a50a5892f3ba6a02661aa010f638211f3cb36f44abf4
  json-schema (5.1.1) sha256=b3829ad9bcdfc5010d8a160c4c2bebb8fed8d05d22de65648f6ba646b071f9bf
  json_schemer (2.4.0) sha256=56cb6117bb5748d925b33ad3f415b513d41d25d0bbf57fe63c0a78ff05597c24
  jwt (2.10.1) sha256=e6424ae1d813f63e761a04d6284e10e7ec531d6f701917fadcd0d9b2deaf1cc5
  kgio (2.11.4) sha256=bda7a2146115998a5b07154e708e0ac02c38dcee7e793c33e2e14f600fdfffc6
  language_server-protocol (3.17.0.5) sha256=fd1e39a51a28bf3eec959379985a72e296e9f9acfce46f6a79d31ca8760803cc
  libv8-node (23.6.1.0) sha256=5a72ed69e4ca1a29a9a4f6e2bdb9ae8e8d881524fb642f19692c0a058de74150
  libv8-node (23.6.1.0-aarch64-linux) sha256=8ef12223e2ec7a6b8f44b58c14d85d8861815c1ec59ad6f776c63dabc535aadb
  libv8-node (23.6.1.0-arm64-darwin) sha256=f217e3be9dc3579a4713520ac9644f4bfb733c8408d2b62c9044560b7f5cc031
  libv8-node (23.6.1.0-x86_64-darwin) sha256=19fc5b329582bd8dac8be0e1094bf8162ec20dffe62a8413678a2b051684063b
  libv8-node (23.6.1.0-x86_64-linux) sha256=dd73cfb4bad1387128ed216fa7fa4cbd8d4433a0f47ddcefc5bd77009b5c0c0a
  libv8-node (23.6.1.0-x86_64-linux-musl) sha256=facea16158ab38317fec14aea4fc514cdbb78444d17c4e979a67e0f6d755d42a
  lint_roller (1.1.0) sha256=2c0c845b632a7d172cb849cc90c1bce937a28c5c8ccccb50dfd46a485003cc87
  listen (3.9.0) sha256=db9e4424e0e5834480385197c139cb6b0ae0ef28cc13310cfd1ca78377d59c67
  literate_randomizer (0.4.0) sha256=05073c9b383983b1ed7e26c40b963468e91bc86e663b3eeff3a4af91b84217b1
  logger (1.7.0) sha256=196edec7cc44b66cfb40f9755ce11b392f21f7967696af15d274dde7edff0203
  lograge (0.14.0) sha256=42371a75823775f166f727639f5ddce73dd149452a55fc94b90c303213dc9ae1
  logstash-event (1.2.02) sha256=89a7dc60fac67070a5f60ba07409e541b09cb58906c391e90cb74b9f217467ae
  logster (2.20.1) sha256=a84bbe58e7f99c4eb0246ea3a952ed87950f63aeea3cdbe7147018d10cc9a2a8
  loofah (2.24.1) sha256=655a30842b70ec476410b347ab1cd2a5b92da46a19044357bbd9f401b009a337
  lru_redux (1.1.0) sha256=ee71d0ccab164c51de146c27b480a68b3631d5b4297b8ffe8eda1c72de87affb
  lz4-ruby (0.3.3) sha256=011be5ee230cfddc8308d4e2e0b05300c7bc755a887de799377ca6c5b6aede89
  mail (2.8.1) sha256=ec3b9fadcf2b3755c78785cb17bc9a0ca9ee9857108a64b6f5cfc9c0b5bfc9ad
  matrix (0.4.2) sha256=71083ccbd67a14a43bfa78d3e4dc0f4b503b9cc18e5b4b1d686dc0f9ef7c4cc0
  maxminddb (0.1.22) sha256=50933be438fbed9dceabef4163eab41884bd8830d171fdb8f739bee769c4907e
  memory_profiler (1.1.0) sha256=79a17df7980a140c83c469785905409d3027ca614c42c086089d128b805aa8f8
  message_bus (4.4.1) sha256=719ec5c3167e6571030dee0f43eafa99dbf68ae67fca6fd63c265ff55c0c2adb
  messageformat-wrapper (1.1.0) sha256=ecea879626e412d1bc841c457dacfcbb1a62cf88ca83573e4ea34bb371f160bc
  method_source (1.1.0) sha256=181301c9c45b731b4769bc81e8860e72f9161ad7d66dd99103c9ab84f560f5c5
  mime-types (3.7.0) sha256=dcebf61c246f08e15a4de34e386ebe8233791e868564a470c3fe77c00eed5e56
  mime-types-data (3.2025.0527) sha256=11808d780cdb27ea5db0143dbfc261b91ed63ec5e595f424a35f9822cb497a02
  mini_mime (1.1.5) sha256=8681b7e2e4215f2a159f9400b5816d85e9d8c6c6b491e96a12797e798f8bccef
  mini_racer (0.18.1) sha256=c6694c37672da05027fe0894215a94c18a2117bdbb4ba90d80d275e4b23b3413
  mini_scheduler (0.18.0) sha256=d2f084f38da8d76c5844a92f0d6bd01fc9982a8b5e6c7679b6cf44c82da33503
  mini_sql (1.6.0) sha256=5296637f6a4af5bb43e06788037e9a2968ff9c8eb65928befcba8cb41f42d6ee
  mini_suffix (0.3.3) sha256=8d1d33f92f69a2247c9b7d27173235da90479d955cdb863b63a7f53843b722e7
  minio_runner (1.0.0) sha256=ca0fc56a90c63b65a26cda632938c9075046835d41f4b9d1e165b0550eae0538
  minitest (5.25.5) sha256=391b6c6cb43a4802bfb7c93af1ebe2ac66a210293f4a3fb7db36f2fc7dc2c756
  mocha (2.7.1) sha256=8f7d538d5d3ebc75fc788b3d92fbab913a93a78462d2a3ce99d1bdde7af7f851
  msgpack (1.8.0) sha256=e64ce0212000d016809f5048b48eb3a65ffb169db22238fb4b72472fecb2d732
  multi_json (1.15.0) sha256=1fd04138b6e4a90017e8d1b804c039031399866ff3fbabb7822aea367c78615d
  multi_xml (0.7.2) sha256=307a96dc48613badb7b2fc174fd4e62d7c7b619bc36ea33bfd0c49f64f5787ce
  mustache (1.1.1) sha256=90891fdd50b53919ca334c8c1031eada1215e78d226d5795e523d6123a2717d0
  net-http (0.6.0) sha256=9621b20c137898af9d890556848c93603716cab516dc2c89b01a38b894e259fb
  net-imap (0.5.8) sha256=52aa5fdfc1a8a3df1f793b20a327e95b5a9dfe1d733e1f0d53075d2dbcfcf593
  net-pop (0.1.2) sha256=848b4e982013c15b2f0382792268763b748cce91c9e91e36b0f27ed26420dff3
  net-protocol (0.2.2) sha256=aa73e0cba6a125369de9837b8d8ef82a61849360eba0521900e2c3713aa162a8
  net-smtp (0.5.1) sha256=ed96a0af63c524fceb4b29b0d352195c30d82dd916a42f03c62a3a70e5b70736
  nio4r (2.7.4) sha256=d95dee68e0bb251b8ff90ac3423a511e3b784124e5db7ff5f4813a220ae73ca9
  nokogiri (1.18.8-aarch64-linux-gnu) sha256=36badd2eb281fca6214a5188e24a34399b15d89730639a068d12931e2adc210e
  nokogiri (1.18.8-aarch64-linux-musl) sha256=664e0f9a77a7122a66d6c03abba7641ca610769a4728db55ee1706a0838b78a2
  nokogiri (1.18.8-arm-linux-gnu) sha256=17de01ca3adf9f8e187883ed73c672344d3dbb3c260f88ffa1008e8dc255a28e
  nokogiri (1.18.8-arm-linux-musl) sha256=6e6d7e71fc39572bd613a82d528cf54392c3de1ba5ce974f05c832b8187a040b
  nokogiri (1.18.8-arm64-darwin) sha256=483b5b9fb33653f6f05cbe00d09ea315f268f0e707cfc809aa39b62993008212
  nokogiri (1.18.8-x86_64-darwin) sha256=024cdfe7d9ae3466bba6c06f348fb2a8395d9426b66a3c82f1961b907945cc0c
  nokogiri (1.18.8-x86_64-linux-gnu) sha256=4a747875db873d18a2985ee2c320a6070c4a414ad629da625fbc58d1a20e5ecc
  nokogiri (1.18.8-x86_64-linux-musl) sha256=ddd735fba49475a395b9ea793bb6474e3a3125b89960339604d08a5397de1165
  oauth (1.1.0) sha256=38902b7f0f5ed91e858d6353f5e1e06b2c16a8aa0fd91984671eab1a1d1cddeb
  oauth-tty (1.0.5) sha256=34e25c307da4509d4deec266ff3690bbf42e391355f496201c029268862d8b17
  oauth2 (1.4.11) sha256=6739fcc8872bc94f476b0cae3e8bd78a56d8364b1b79b0757794c25e152d5c10
  oj (3.16.11) sha256=2aab609d2bc896529bd3c70d737f591c13932a640ba6164a0f7e414efdb052b1
  omniauth (2.1.2) sha256=def03277298b8f8a5d3ff16cdb2eb5edb9bffed60ee7dda24cc0c89b3ae6a0ce
  omniauth-facebook (9.0.0) sha256=440ad8dd9edc9ebec1fd6607b787667c8ce70d2969c2030d7e9ca42a271af854
  omniauth-github (2.0.0) sha256=1ca26576125a97e27d3f8dc39cd98853d7382dd0fc04a40d3b9ec345ee378649
  omniauth-google-oauth2 (1.0.1) sha256=2ed7a4ac8d98ab824c95e0d6760784abf1248262b3ba2ab56ec7ebd7074d12a6
  omniauth-oauth (1.2.1) sha256=25bf22c90234280fa825200490f03ff1ce7d76f1a4fbd6c882c6c5b169c58da8
  omniauth-oauth2 (1.7.3) sha256=3f5a8f99fa72e0f91d2abd7475ceb972a4ae67ed59e049f314c0c1bad81f4745
  omniauth-twitter (1.4.0) sha256=c5cc6c77cd767745ffa9ebbd5fbd694a3fa99d1d2d82a4d7def0bf3b6131b264
  openssl (3.3.0) sha256=ff3a573fc97ab30f69483fddc80029f91669bf36532859bd182d1836f45aee79
  openssl-signature_algorithm (1.3.0) sha256=a3b40b5e8276162d4a6e50c7c97cdaf1446f9b2c3946a6fa2c14628e0c957e80
  optimist (3.2.1) sha256=8cf8a0fd69f3aa24ab48885d3a666717c27bc3d9edd6e976e18b9d771e72e34e
  ostruct (0.6.1) sha256=09a3fb7ecc1fa4039f25418cc05ae9c82bd520472c5c6a6f515f03e4988cb817
  parallel (1.27.0) sha256=4ac151e1806b755fb4e2dc2332cbf0e54f2e24ba821ff2d3dcf86bf6dc4ae130
  parallel_tests (5.3.0) sha256=af1af58044dd69987c5af199fcace01166a6238a11f36ce88ec173d1505a04ef
  parser (3.3.8.0) sha256=2476364142b307fa5a1b1ece44f260728be23858a9c71078e956131a75453c45
  pg (1.5.9) sha256=761efbdf73b66516f0c26fcbe6515dc7500c3f0aa1a1b853feae245433c64fdc
  playwright-ruby-client (1.52.0) sha256=4a413f4176fcd794251909780d6b50a9b2791e59160cdc893dac1409459e9c84
  pp (0.6.2) sha256=947ec3120c6f92195f8ee8aa25a7b2c5297bb106d83b41baa02983686577b6ff
  prettier_print (1.2.1) sha256=a72838b5f23facff21f90a5423cdcdda19e4271092b41f4ea7f50b83929e6ff9
  prettyprint (0.2.0) sha256=2bc9e15581a94742064a3cc8b0fb9d45aae3d03a1baa6ef80922627a0766f193
  prism (1.4.0) sha256=dc0e3e00e93160213dc2a65519d9002a4a1e7b962db57d444cf1a71565bb703e
  progress (3.6.0) sha256=360ed306dfa43d6174e847d563c70736dca249e2333cfec4b0387306c86cd573
  propshaft (1.1.0) sha256=d389361faf66aeb17e8d204828962c1e506edd14a1a17adb3fa475435c070f6b
  pry (0.15.2) sha256=12d54b8640d3fa29c9211dd4ffb08f3fd8bf7a4fd9b5a73ce5b59c8709385b6b
  pry-byebug (3.11.0) sha256=0b0abb7d309bc7f00044d512a3c8567274f7012b944b38becc8440439a1cea72
  pry-rails (0.3.11) sha256=a69e28e24a34d75d1f60bcf241192a54253f8f7ef8a62cba1e75750a9653593d
  pry-stack_explorer (0.6.1) sha256=a2dbea9b47c4ad00cf5c1ce21499f8128b915089e90015f7bafb6e9453baf340
  psych (5.2.6) sha256=814328aa5dcb6d604d32126a20bc1cbcf05521a5b49dbb1a8b30a07e580f316e
  public_suffix (6.0.2) sha256=bfa7cd5108066f8c9602e0d6d4114999a5df5839a63149d3e8b0f9c1d3558394
  puma (6.6.0) sha256=f25c06873eb3d5de5f0a4ebc783acc81a4ccfe580c760cfe323497798018ad87
  racc (1.8.1) sha256=4a7f6929691dbec8b5209a0b373bc2614882b55fc5d2e447a21aaa691303d62f
  rack (2.2.13) sha256=ccee101719696a5da12ee9da6fb3b1d20cb329939e089e0e458be6e93667f0fb
  rack-mini-profiler (3.3.1) sha256=2bf0de7d5795f54581e453b248e42cc50e8d0529efac73828653a9ad2407a801
  rack-protection (3.2.0) sha256=3c74ba7fc59066453d61af9bcba5b6fe7a9b3dab6f445418d3b391d5ea8efbff
  rack-session (1.0.2) sha256=a02115e5420b4de036839b9811e3f7967d73446a554b42aa45106af335851d76
  rack-test (2.2.0) sha256=005a36692c306ac0b4a9350355ee080fd09ddef1148a5f8b2ac636c720f5c463
  rackup (1.0.1) sha256=ba86604a28989fe1043bff20d819b360944ca08156406812dca6742b24b3c249
  rails-dom-testing (2.3.0) sha256=8acc7953a7b911ca44588bf08737bc16719f431a1cc3091a292bca7317925c1d
  rails-html-sanitizer (1.6.2) sha256=35fce2ca8242da8775c83b6ba9c1bcaad6751d9eb73c1abaa8403475ab89a560
  rails_failover (2.2.0) sha256=42f716eff762e9effecc38add352953472024affb50ef60346eabb11487d7c5f
  rails_multisite (6.1.0) sha256=7bd7b83b89e292375d595cc7714ae061e3056e7f295295af8c4575b6271186aa
  railties (7.2.2.1) sha256=e3f11bf116dd6d0d874522843ccc70ec0f89fbfed3e9c2ee48a4778cd042fe1f
  rainbow (3.1.1) sha256=039491aa3a89f42efa1d6dec2fc4e62ede96eb6acd95e52f1ad581182b79bc6a
  raindrops (0.20.1) sha256=aa0eb9ff6834f2d9e232ba688bd49cb30be893bc5a3452e74722c94c1fab4730
  rake (13.3.0) sha256=96f5092d786ff412c62fde76f793cc0541bd84d2eb579caa529aa8a059934493
  rb-fsevent (0.11.2) sha256=43900b972e7301d6570f64b850a5aa67833ee7d87b458ee92805d56b7318aefe
  rb-inotify (0.11.1) sha256=a0a700441239b0ff18eb65e3866236cd78613d6b9f78fea1f9ac47a85e47be6e
  rbtrace (0.5.1) sha256=e8cba64d462bfb8ba102d7be2ecaacc789247d52ac587d8003549d909cb9c5dc
  rchardet (1.9.0) sha256=26889486cdd83b378652baf7603f71d93e431bb11bc237b4cd8c65151af4a590
  rdoc (6.14.0) sha256=2c46de58d7129b8743fcf6d76e3db971bdc914150e15ac06b386549bd82ed7db
  redcarpet (3.6.1) sha256=d444910e6aa55480c6bcdc0cdb057626e8a32c054c29e793fa642ba2f155f445
  redis (5.4.0) sha256=798900d869418a9fc3977f916578375b45c38247a556b61d58cba6bb02f7d06b
  redis-client (0.24.0) sha256=ee65ee39cb2c38608b734566167fd912384f3c1241f59075e22858f23a085dbb
  redis-namespace (1.11.0) sha256=e91a1aa2b2d888b6dea1d4ab8d39e1ae6fac3426161feb9d91dd5cca598a2239
  regexp_parser (2.10.0) sha256=cb6f0ddde88772cd64bff1dbbf68df66d376043fe2e66a9ef77fcb1b0c548c61
  reline (0.6.1) sha256=1afcc9d7cb1029cdbe780d72f2f09251ce46d3780050f3ec39c3ccc6b60675fb
  request_store (1.7.0) sha256=e1b75d5346a315f452242a68c937ef8e48b215b9453a77a6c0acdca2934c88cb
  rexml (3.4.1) sha256=c74527a9a0a04b4ec31dbe0dc4ed6004b960af943d8db42e539edde3a871abca
  rinku (2.0.6) sha256=8b60670e3143f3db2b37efa262971ce3619ec23092045498ef9f077d82828d7d
  rotp (6.3.0) sha256=75d40087e65ed0d8022c33055a6306c1c400d1c12261932533b5d6cbcd868854
  rouge (4.5.2) sha256=034233fb8a69d0ad0e0476943184e04cb971b68e3c2239724e02f428878b68a3
  rqrcode (3.1.0) sha256=e2d5996375f6e9a013823c289ed575dbea678b8e0388574302c1fac563f098af
  rqrcode_core (2.0.0) sha256=1e40b823ab57a96482a417fff5dd5c33645a00cea6ef5d9e342fecc5ef91d9ab
  rrule (0.6.0) sha256=bd123b4df7eb086a6388d9c47e8ecaad3708433d11c57a195a50d4d0dd4e9616
  rspec (3.13.1) sha256=b9f9a58fa915b8d94a1d6b3195fe6dd28c4c34836a6097015142c4a9ace72140
  rspec-core (3.13.4) sha256=f9da156b7b775c82610a7b580624df51a55102f8c8e4a103b98f5d7a9fa23958
  rspec-expectations (3.13.5) sha256=33a4d3a1d95060aea4c94e9f237030a8f9eae5615e9bd85718fe3a09e4b58836
  rspec-html-matchers (0.10.0) sha256=d424bfeb0104884478be299b6695b56c2d0432bb77dc9cedecb5138e91c0e9ae
  rspec-mocks (3.13.5) sha256=e4338a6f285ada9fe56f5893f5457783af8194f5d08884d17a87321d5195ea81
  rspec-multi-mock (0.3.1) sha256=289470f28d1d9dcdecabf70e9a14f97b0dc7e3dba090dfbe4c98c64ebd53794c
  rspec-rails (8.0.0) sha256=977a508cd94d152db2068c6585470db5d0cd47eef56d5410b9531034fb9d97bf
  rspec-support (3.13.4) sha256=184b1814f6a968102b57df631892c7f1990a91c9a3b9e80ef892a0fc2a71a3f7
  rss (0.3.1) sha256=b46234c04551b925180f8bedfc6f6045bf2d9998417feda72f300e7980226737
  rswag-specs (2.16.0) sha256=8ba26085c408b0bd2ed21dc8015c80f417c7d34c63720ab7133c2549b5bd2a91
  rtlcss (0.2.1) sha256=213d5a00bf61267f93a7a516d699d77e1cc5f396743abb33c01e3f3243a7bf60
  rubocop (1.75.8) sha256=c80ab4286c5dcfc49d7ad1787cdba5569b63b58c96ee7afde4ec47a9c8a85be9
  rubocop-ast (1.44.1) sha256=e3cc04203b2ef04f6d6cf5f85fe6d643f442b18cc3b23e3ada0ce5b6521b8e92
  rubocop-capybara (2.22.1) sha256=ced88caef23efea53f46e098ff352f8fc1068c649606ca75cb74650970f51c0c
  rubocop-discourse (3.12.1) sha256=ebf7e2224f053047372071419052828c3e3a01bccb14ea1f282ac143547df9bc
  rubocop-factory_bot (2.27.1) sha256=9d744b5916778c1848e5fe6777cc69855bd96548853554ec239ba9961b8573fe
  rubocop-rails (2.32.0) sha256=9fcc623c8722fe71e835e99c4a18b740b5b0d3fb69915d7f0777f00794b30490
  rubocop-rspec (3.6.0) sha256=c0e4205871776727e54dee9cc91af5fd74578001551ba40e1fe1a1ab4b404479
  rubocop-rspec_rails (2.31.0) sha256=775375e18a26a1184a812ef3054b79d218e85601b9ae897f38f8be24dddf1f45
  ruby-prof (1.7.2) sha256=270424fcac37e611f2d15a55226c4628e234f8434e1d7c25ca8a2155b9fc4340
  ruby-progressbar (1.13.0) sha256=80fc9c47a9b640d6834e0dc7b3c94c9df37f08cb072b7761e4a71e22cff29b33
  ruby-readability (0.7.2) sha256=7351ddc89ac62ecdd35336acb1313ac29dc1dad9745d59f25109ec2215c6580c
  ruby2_keywords (0.0.5) sha256=ffd13740c573b7301cf7a2e61fc857b2a8e3d3aff32545d6f8300d8bae10e3ef
  rubyzip (2.4.1) sha256=8577c88edc1fde8935eb91064c5cb1aef9ad5494b940cf19c775ee833e075615
  sanitize (7.0.0) sha256=269d1b9d7326e69307723af5643ec032ff86ad616e72a3b36d301ac75a273984
  sass-embedded (1.85.0-aarch64-linux-gnu) sha256=d1741ce084e853d927563e24fde288ad2f347adf38a28d9a14846c24a733f112
  sass-embedded (1.85.0-aarch64-linux-musl) sha256=156c7c272c7354670a237e44c8b4886b77b56154437d6609b6b79a8e4611e2cd
  sass-embedded (1.85.0-arm-linux-gnueabihf) sha256=f789814c42f8dc0095c809a98999a96eb514314a57951f7415733288e9cc890a
  sass-embedded (1.85.0-arm-linux-musleabihf) sha256=4f882a806acc525a26dc8772d3256711b4231cbaa87c966d19a1bf1e4748bac8
  sass-embedded (1.85.0-arm64-darwin) sha256=85c6bb983854dac1ac9a6215883ae766c533ea7cdf187fe502aa904c085389af
  sass-embedded (1.85.0-x86_64-darwin) sha256=aeb51e152c0b7fcfe5467b8c069f49d5b9ab42143ca25c8bb435658455c6f047
  sass-embedded (1.85.0-x86_64-linux-gnu) sha256=30e2b01b9d487cce2a421c5dda7bc2d0f64b52450174bde83fe3a299789e4294
  sass-embedded (1.85.0-x86_64-linux-musl) sha256=ca01931c54b59db1130a779386bcfc798f8dcfee1f98f60fbcf8c5dbdc0f9c23
  sassc-embedded (1.80.2) sha256=625ac3923fe9af1a8072210cf22b01b66f3dc23748a4997a9b28bfdff7c7967d
  securerandom (0.4.1) sha256=cc5193d414a4341b6e225f0cb4446aceca8e50d5e1888743fac16987638ea0b1
  shoulda-matchers (6.5.0) sha256=ef6b572b2bed1ac4aba6ab2c5ff345a24b6d055a93a3d1c3bfc86d9d499e3f44
  sidekiq (7.3.9) sha256=1108712e1def89002b28e3545d5ae15d4a57ffd4d2c25d97bb1360988826b5a7
  simplecov (0.22.0) sha256=fe2622c7834ff23b98066bb0a854284b2729a569ac659f82621fc22ef36213a5
  simplecov-html (0.13.1) sha256=5dab0b7ee612e60e9887ad57693832fdf4695b4c0c859eaea5f95c18791ef10b
  simplecov_json_formatter (0.1.4) sha256=529418fbe8de1713ac2b2d612aa3daa56d316975d307244399fa4838c601b428
  simpleidn (0.2.3) sha256=08ce96f03fa1605286be22651ba0fc9c0b2d6272c9b27a260bc88be05b0d2c29
  snaky_hash (2.0.3) sha256=25a3d299566e8153fb02fa23fd9a9358845950f7a523ddbbe1fa1e0d79a6d456
  sqlite3 (2.6.0-aarch64-linux-gnu) sha256=febc29bd7037695779d6b482fac7f7add9af7b420a1c5120ccff79213415975e
  sqlite3 (2.6.0-aarch64-linux-musl) sha256=d235cf89ba96067462562bc71adf5309363a9fee09a1864667f45799f26825ca
  sqlite3 (2.6.0-arm-linux-gnu) sha256=5f7e1160ad6bf6bfc0d42d1a7de95554b00a5dc7375953070d9633fedadc93bd
  sqlite3 (2.6.0-arm-linux-musl) sha256=a1a884d4eab3e7899badaa01f6894bb18b6ffda07fbdc4bc27c676b704f33630
  sqlite3 (2.6.0-arm64-darwin) sha256=88a793bf0010339e85657e460ab3ad2c7e9ee5d0e468b9dea383ff1039380056
  sqlite3 (2.6.0-x86_64-darwin) sha256=97bbd4ae83ca7ad49b2c79a07f07071a9ed97070dd33e44f7224acf4bd30f622
  sqlite3 (2.6.0-x86_64-linux-gnu) sha256=415a950be612b865152dd4529b16fdce2c8962ff9fa3f6b95adbfa7b8f54f2d0
  sqlite3 (2.6.0-x86_64-linux-musl) sha256=6f7c9346430c4aacc9280dee6bd4d23a6f1f31013d4f9c0a720fb14ef6a801c2
  sshkey (3.0.0) sha256=655ba351d6e01a48dfe59d65530af8975c777b8cc57a061770de3228ff2d11cd
  stackprof (0.2.27) sha256=aff6d28656c852e74cf632cc2046f849033dc1dedffe7cb8c030d61b5745e80c
  stringio (3.1.7) sha256=5b78b7cb242a315fb4fca61a8255d62ec438f58da2b90be66048546ade4507fa
  syntax_tree (6.2.0) sha256=a50a01c246601af3c258edbb6b12e44373d17966ab3bebd1f7224b3b994a343d
  test-prof (1.4.4) sha256=1a59513ed9d33a1f5ca17c0b89da4e70f60a91c83ec62e9a873dbb99141353ef
  thor (1.3.2) sha256=eef0293b9e24158ccad7ab383ae83534b7ad4ed99c09f96f1a6b036550abbeda
  timeout (0.4.3) sha256=9509f079b2b55fe4236d79633bd75e34c1c1e7e3fb4b56cb5fda61f80a0fe30e
  trilogy (2.9.0) sha256=a2d63b663ba68a4758e15d1f9afb228f5d16efc7fe7cea68699e1c106ef6067f
  tzinfo (2.0.6) sha256=8daf828cc77bcf7d63b0e3bdb6caa47e2272dcfaf4fbfe46f8c3a9df087a829b
  tzinfo-data (1.2025.2) sha256=a92375a1fbb47d38fe88fd514c40a38cc8f97d168da2a6479f15185e86470939
  unf (0.2.0) sha256=e6bcc2e101d80e3f9459753db747d5926aada1aaaf61e629e93359da9a5b04ab
  unicode-display_width (3.1.4) sha256=8caf2af1c0f2f07ec89ef9e18c7d88c2790e217c482bfc78aaa65eadd5415ac1
  unicode-emoji (4.0.4) sha256=2c2c4ef7f353e5809497126285a50b23056cc6e61b64433764a35eff6c36532a
  unicorn (6.1.0) sha256=45dd987add4c2b084c1880a68373af42797a704ad7441faff9b14b4982aa0fc0
  uniform_notifier (1.17.0) sha256=db4787ed2ad168ccb0ad4027a45811e1c9e2f8275682fee72697e6ce1c6d6ca7
  uri (1.0.3) sha256=e9f2244608eea2f7bc357d954c65c910ce0399ca5e18a7a29207ac22d8767011
  useragent (0.16.11) sha256=700e6413ad4bb954bb63547fa098dddf7b0ebe75b40cc6f93b8d54255b173844
  version_gem (1.1.8) sha256=a964767ecbe36551b9ff2e59099548c27569f2f7f94bdb09f609d76393a8e008
  web-push (3.0.1) sha256=5b4dd2f2bba3bd8951da6416492fe920a6f203d14d3080f943c5d01c0cc4b18d
  webmock (3.25.1) sha256=ab9d5d9353bcbe6322c83e1c60a7103988efc7b67cd72ffb9012629c3d396323
  webrick (1.9.1) sha256=b42d3c94f166f3fb73d87e9b359def9b5836c426fc8beacf38f2184a21b2a989
  xpath (3.2.0) sha256=6dfda79d91bb3b949b947ecc5919f042ef2f399b904013eb3ef6d20dd3a4082e
  yaml-lint (0.1.2) sha256=e3960b171766ae187338a169815e99fe10fcb0d9c22b1c539e8d57e114324c8a
  yard (0.9.37) sha256=a6e910399e78e613f80ba9add9ba7c394b1a935f083cccbef82903a3d2a26992
  zeitwerk (2.7.3) sha256=b2e86b4a9b57d26ba68a15230dcc7fe6f040f06831ce64417b0621ad96ba3e85

RUBY VERSION
   ruby 3.3.1p55

BUNDLED WITH
   2.6.4
